PATH
  remote: .
  specs:
    logstash-filter-pilar (0.1.0)
      logstash-core-plugin-api (~> 2.0)

PATH
  remote: /Users/kevinzhang/Documents/src/logstash-8.11.1/logstash-core-plugin-api
  specs:
    logstash-core-plugin-api (2.1.16-java)
      logstash-core (= 8.11.0)

PATH
  remote: /Users/kevinzhang/Documents/src/logstash-8.11.1/logstash-core
  specs:
    logstash-core (8.11.0-java)
      cgi (~> 0.3.6)
      clamp (~> 1)
      concurrent-ruby (~> 1, < 1.1.10)
      date (~> 3.3.3)
      down (~> 5.2.0)
      elasticsearch (~> 7)
      ffi (~> 1.15.5)
      ffi-binary-libfixposix (~> 0.5.1.1)
      filesize (~> 0.2)
      gems (~> 1)
      i18n (~> 1)
      jrjackson (= 0.4.18)
      jruby-openssl (~> 0.14.1)
      manticore (~> 0.6)
      minitar (~> 0.8)
      net-http (~> 0.3.0)
      net-protocol (~> 0.1.2)
      pry (~> 0.12)
      puma (~> 6.3, >= 6.3.1)
      rack (~> 2)
      reline (~> 0.3.5)
      rubyzip (~> 1)
      sinatra (~> 2)
      stud (~> 0.0.19)
      thread_safe (~> 0.3.6)
      thwait
      time (~> 0.2.2)
      timeout (~> 0.3.2)
      treetop (~> 1)
      tzinfo-data
      uri (~> 0.12.1)

GEM
  remote: https://rubygems.org/
  specs:
    addressable (2.8.5)
      public_suffix (>= 2.0.2, < 6.0)
    ast (2.4.2)
    base64 (0.2.0)
    cgi (0.3.6-java)
    clamp (1.3.2)
    coderay (1.1.3)
    concurrent-ruby (1.1.9)
    date (3.3.4-java)
    diff-lcs (1.5.0)
    down (5.2.4)
      addressable (~> 2.8)
    e2mmap (0.1.0)
    elasticsearch (7.17.10)
      elasticsearch-api (= 7.17.10)
      elasticsearch-transport (= 7.17.10)
    elasticsearch-api (7.17.10)
      multi_json
    elasticsearch-transport (7.17.10)
      faraday (>= 1, < 3)
      multi_json
    execjs (2.9.1)
    faraday (2.7.11)
      base64
      faraday-net_http (>= 2.0, < 3.1)
      ruby2_keywords (>= 0.0.4)
    faraday-net_http (3.0.2)
    ffi (1.15.5-java)
    ffi-binary-libfixposix (0.5.1.1-java)
      ffi (~> 1.0)
    filesize (0.2.0)
    fivemat (1.3.7)
    gem_publisher (1.5.0)
    gems (1.2.0)
    i18n (1.14.1)
      concurrent-ruby (~> 1.0)
    io-console (0.6.0-java)
    jrjackson (0.4.18-java)
    jruby-openssl (0.14.2-java)
    json (2.6.3-java)
    kramdown (2.4.0)
      rexml
    language_server-protocol (3.17.0.3)
    logstash-codec-plain (3.1.0)
      logstash-core-plugin-api (>= 1.60, <= 2.99)
      logstash-mixin-ecs_compatibility_support (~> 1.3)
      logstash-mixin-event_support (~> 1.0)
    logstash-devutils (2.5.0-java)
      fivemat
      gem_publisher
      kramdown (~> 2)
      logstash-codec-plain
      logstash-core (>= 6.3)
      minitar
      rake
      rspec (~> 3.0)
      rspec-wait
      stud (>= 0.0.20)
    logstash-mixin-ecs_compatibility_support (1.3.0-java)
      logstash-core (>= 6.0.0)
    logstash-mixin-event_support (1.0.1-java)
      logstash-core (>= 6.8)
    manticore (0.9.1-java)
      openssl_pkcs8_pure
    method_source (1.0.0)
    minitar (0.9)
    multi_json (1.15.0)
    mustermann (2.0.2)
      ruby2_keywords (~> 0.0.1)
    net-http (0.3.2)
      uri
    net-protocol (0.1.3)
      timeout
    nio4r (2.5.9-java)
    openssl_pkcs8_pure (0.0.0.2)
    parallel (1.23.0)
    parser (3.2.2.4)
      ast (~> 2.4.1)
      racc
    pluginator (1.5.0)
    polyglot (0.3.5)
    pre-commit (0.40.0)
      pluginator (~> 1.5)
    pry (0.14.2-java)
      coderay (~> 1.1)
      method_source (~> 1.0)
      spoon (~> 0.0)
    public_suffix (5.0.3)
    puma (6.4.0-java)
      nio4r (~> 2.0)
    racc (1.7.3-java)
    rack (2.2.8)
    rack-protection (2.2.4)
      rack
    rainbow (3.1.1)
    rake (13.1.0)
    regexp_parser (2.8.2)
    reline (0.3.9)
      io-console (~> 0.5)
    rexml (3.2.6)
    rspec (3.12.0)
      rspec-core (~> 3.12.0)
      rspec-expectations (~> 3.12.0)
      rspec-mocks (~> 3.12.0)
    rspec-core (3.12.2)
      rspec-support (~> 3.12.0)
    rspec-expectations (3.12.3)
      diff-lcs (>= 1.2.0, < 2.0)
      rspec-support (~> 3.12.0)
    rspec-mocks (3.12.6)
      diff-lcs (>= 1.2.0, < 2.0)
      rspec-support (~> 3.12.0)
    rspec-support (3.12.1)
    rspec-wait (0.0.9)
      rspec (>= 3, < 4)
    rubocop (1.57.2)
      json (~> 2.3)
      language_server-protocol (>= 3.17.0)
      parallel (~> 1.10)
      parser (>= 3.2.2.4)
      rainbow (>= 2.2.2, < 4.0)
      regexp_parser (>= 1.8, < 3.0)
      rexml (>= 3.2.5, < 4.0)
      rubocop-ast (>= 1.28.1, < 2.0)
      ruby-progressbar (~> 1.7)
      unicode-display_width (>= 2.4.0, < 3.0)
    rubocop-ast (1.30.0)
      parser (>= 3.2.1.0)
    ruby-progressbar (1.13.0)
    ruby2_keywords (0.0.5)
    rubyzip (1.3.0)
    sinatra (2.2.4)
      mustermann (~> 2.0)
      rack (~> 2.2)
      rack-protection (= 2.2.4)
      tilt (~> 2.0)
    spoon (0.0.6)
      ffi
    stud (0.0.23)
    thread_safe (0.3.6-java)
    thwait (0.2.0)
      e2mmap
    tilt (2.3.0)
    time (0.2.2)
      date
    timeout (0.3.2)
    treetop (1.6.12)
      polyglot (~> 0.3)
    tzinfo (2.0.6)
      concurrent-ruby (~> 1.0)
    tzinfo-data (1.2023.3)
      tzinfo (>= 1.0.0)
    unicode-display_width (2.5.0)
    uri (0.12.2)

PLATFORMS
  universal-java-11

DEPENDENCIES
  execjs
  logstash-core!
  logstash-core-plugin-api!
  logstash-devutils
  logstash-filter-pilar!
  pre-commit
  rspec (~> 3.12)
  rubocop

BUNDLED WITH
   2.4.21
